REDIRECTS: ON
CONTENT: NONE
FRAMEWORK: NET40, NET45
NUGET
  remote: https://www.nuget.org/api/v2
  specs:
    Costura.Fody (1.3.3)
      Fody (>= 1.26.1)
    dotNetRDF (1.0.9.3683)
      HtmlAgilityPack (>= 1.4.9)
      Newtonsoft.Json (>= 6.0.8)
      VDS.Common (1.6)
    FakeItEasy (1.25.3)
    Fody (1.29.4)
    gitlink (2.2)
    GitVersionTask (3.4.1)
    HtmlAgilityPack (1.4.9)
    ImpromptuInterface (6.2.2)
    InfoOf.Fody (1.0.4)
      Fody (>= 1.29.2)
    MethodTimer.Fody (1.15.10)
      Fody (>= 1.29.2)
    Newtonsoft.Json (6.0.8)
    NullGuard.Fody (1.4.6)
      Fody (>= 1.29.2)
    NUnit (2.6.4)
    OpenCover (4.6.519)
    Rdf.Vocabularies (1.1)
    SpecFlow (2.0)
    StyleCop.MSBuild (4.7.50)
    StyleCopPlus.MSBuild (4.7.49.5)
      StyleCop.MSBuild (>= 4.7.49)
    VDS.Common (1.6)
  remote: https://www.myget.org/F/jsonld/api/v2
  specs:
    JsonLD (1.0.5)
      Newtonsoft.Json (>= 6.0.4)
