REDIRECTS: ON
CONTENT: NONE
FRAMEWORK: NET40, NET45
NUGET
  remote: https://www.nuget.org/api/v2
  specs:
    Costura.Fody (1.3.3)
      Fody (>= 1.26.1)
    dotNetRDF (1.0.9.3683)
      HtmlAgilityPack (>= 1.4.9)
      Newtonsoft.Json (>= 6.0.8)
      VDS.Common (1.6.0)
    Eto.Parse (1.4)
    FakeItEasy (1.25.3)
    Fody (1.29.4)
    gitlink (2.2)
    GitVersionTask (3.4.1)
    HtmlAgilityPack (1.4.9)
    ImpromptuInterface (6.2.2)
    InfoOf.Fody (1.0.4)
      Fody (>= 1.29.2)
    MethodTimer.Fody (1.15.10)
      Fody (>= 1.29.2)
    Microsoft.NETCore.Platforms (1.0.1-rc2-24027)
      Microsoft.NETCore.Targets (>= 1.0.1-rc2-24027)
    Microsoft.NETCore.Runtime (1.0.2-rc2-24027)
      Microsoft.NETCore.Runtime.CoreCLR (>= 1.0.2-rc2-24027)
      Microsoft.NETCore.Runtime.Native (>= 1.0.2-rc2-24027)
    Microsoft.NETCore.Runtime.CoreCLR (1.0.2-rc2-24027)
      Microsoft.NETCore.Windows.ApiSets (>= 1.0.1-rc2-24027)
    Microsoft.NETCore.Runtime.Native (1.0.2-rc2-24027)
    Microsoft.NETCore.Targets (1.0.1-rc2-24027)
    Microsoft.NETCore.Windows.ApiSets (1.0.1-rc2-24027)
    Microsoft.Win32.Primitives (4.0.1-rc2-24027)
      System.Runtime (>= 4.1.0-rc2-24027)
    NETStandard.Library (1.5.0-rc2-24027)
      Microsoft.NETCore.Platforms (>= 1.0.1-rc2-24027)
      Microsoft.NETCore.Runtime (>= 1.0.2-rc2-24027)
      Microsoft.Win32.Primitives (>= 4.0.1-rc2-24027)
      System.AppContext (>= 4.1.0-rc2-24027)
      System.Collections (>= 4.0.11-rc2-24027)
      System.Collections.Concurrent (>= 4.0.12-rc2-24027)
      System.Console (>= 4.0.0-rc2-24027)
      System.Diagnostics.Debug (>= 4.0.11-rc2-24027)
      System.Diagnostics.Tools (>= 4.0.1-rc2-24027)
      System.Diagnostics.Tracing (>= 4.1.0-rc2-24027)
      System.Globalization (>= 4.0.11-rc2-24027)
      System.Globalization.Calendars (>= 4.0.1-rc2-24027)
      System.IO (>= 4.1.0-rc2-24027)
      System.IO.Compression (>= 4.1.0-rc2-24027)
      System.IO.Compression.ZipFile (>= 4.0.1-rc2-24027)
      System.IO.FileSystem (>= 4.0.1-rc2-24027)
      System.IO.FileSystem.Primitives (>= 4.0.1-rc2-24027)
      System.Linq (>= 4.1.0-rc2-24027)
      System.Net.Http (>= 4.0.1-rc2-24027)
      System.Net.Primitives (>= 4.0.11-rc2-24027)
      System.Net.Sockets (>= 4.1.0-rc2-24027)
      System.ObjectModel (>= 4.0.12-rc2-24027)
      System.Reflection (>= 4.1.0-rc2-24027)
      System.Reflection.Extensions (>= 4.0.1-rc2-24027)
      System.Reflection.Primitives (>= 4.0.1-rc2-24027)
      System.Resources.ResourceManager (>= 4.0.1-rc2-24027)
      System.Runtime (>= 4.1.0-rc2-24027)
      System.Runtime.Extensions (>= 4.1.0-rc2-24027)
      System.Runtime.Handles (>= 4.0.1-rc2-24027)
      System.Runtime.InteropServices (>= 4.1.0-rc2-24027)
      System.Runtime.InteropServices.RuntimeInformation (>= 4.0.0-rc2-24027)
      System.Runtime.Numerics (>= 4.0.1-rc2-24027)
      System.Text.Encoding (>= 4.0.11-rc2-24027)
      System.Text.Encoding.Extensions (>= 4.0.11-rc2-24027)
      System.Text.RegularExpressions (>= 4.0.12-rc2-24027)
      System.Threading (>= 4.0.11-rc2-24027)
      System.Threading.Tasks (>= 4.0.11-rc2-24027)
      System.Threading.Timer (>= 4.0.1-rc2-24027)
      System.Xml.ReaderWriter (>= 4.0.11-rc2-24027)
      System.Xml.XDocument (>= 4.0.11-rc2-24027)
    Newtonsoft.Json (6.0.8)
    NullGuard.Fody (1.4.6)
      Fody (>= 1.29.2)
    NUnit (2.6.4)
    OpenCover (4.6.519)
    Rdf.Vocabularies (1.1)
    runtime.native.System (4.0.0-rc2-24027)
    runtime.native.System.IO.Compression (4.1.0-rc2-24027)
    runtime.native.System.Net.Http (4.0.1-rc2-24027)
    runtime.native.System.Security.Cryptography (4.0.0-rc2-24027)
    SpecFlow (2.0)
    StyleCop.MSBuild (4.7.50)
    StyleCopPlus.MSBuild (4.7.49.5)
      StyleCop.MSBuild (>= 4.7.49.0)
    System.AppContext (4.1.0-rc2-24027)
      System.Runtime (>= 4.1.0-rc2-24027)
    System.Buffers (4.0.0-rc2-24027)
      System.Diagnostics.Debug (>= 4.0.11-rc2-24027)
      System.Diagnostics.Tracing (>= 4.1.0-rc2-24027)
      System.Resources.ResourceManager (>= 4.0.1-rc2-24027)
      System.Runtime (>= 4.1.0-rc2-24027)
      System.Threading (>= 4.0.11-rc2-24027)
    System.Collections (4.0.11-rc2-24027)
      System.Runtime (>= 4.1.0-rc2-24027)
    System.Collections.Concurrent (4.0.12-rc2-24027)
      System.Collections (>= 4.0.11-rc2-24027)
      System.Diagnostics.Debug (>= 4.0.11-rc2-24027)
      System.Diagnostics.Tracing (>= 4.1.0-rc2-24027)
      System.Globalization (>= 4.0.11-rc2-24027)
      System.Reflection (>= 4.1.0-rc2-24027)
      System.Resources.ResourceManager (>= 4.0.1-rc2-24027)
      System.Runtime (>= 4.1.0-rc2-24027)
      System.Runtime.Extensions (>= 4.1.0-rc2-24027)
      System.Threading (>= 4.0.11-rc2-24027)
      System.Threading.Tasks (>= 4.0.11-rc2-24027)
    System.Console (4.0.0-rc2-24027)
      System.IO (>= 4.1.0-rc2-24027)
      System.Runtime (>= 4.1.0-rc2-24027)
      System.Text.Encoding (>= 4.0.11-rc2-24027)
    System.Diagnostics.Debug (4.0.11-rc2-24027)
      System.Runtime (>= 4.1.0-rc2-24027)
    System.Diagnostics.DiagnosticSource (4.0.0-rc2-24027)
      System.Collections (>= 4.0.11-rc2-24027)
      System.Diagnostics.Tracing (>= 4.1.0-rc2-24027)
      System.Reflection (>= 4.1.0-rc2-24027)
      System.Runtime (>= 4.1.0-rc2-24027)
      System.Threading (>= 4.0.11-rc2-24027)
    System.Diagnostics.Tools (4.0.1-rc2-24027)
      System.Runtime (>= 4.1.0-rc2-24027)
    System.Diagnostics.Tracing (4.1.0-rc2-24027)
      System.Runtime (>= 4.1.0-rc2-24027)
    System.Dynamic.Runtime (4.0.11-rc2-24027)
      System.Collections (>= 4.0.11-rc2-24027)
      System.Diagnostics.Debug (>= 4.0.11-rc2-24027)
      System.Globalization (>= 4.0.11-rc2-24027)
      System.Linq (>= 4.1.0-rc2-24027)
      System.Linq.Expressions (>= 4.0.11-rc2-24027)
      System.ObjectModel (>= 4.0.12-rc2-24027)
      System.Reflection (>= 4.1.0-rc2-24027)
      System.Reflection.Emit (>= 4.0.1-rc2-24027)
      System.Reflection.Emit.ILGeneration (>= 4.0.1-rc2-24027)
      System.Reflection.Primitives (>= 4.0.1-rc2-24027)
      System.Reflection.TypeExtensions (>= 4.1.0-rc2-24027)
      System.Resources.ResourceManager (>= 4.0.1-rc2-24027)
      System.Runtime (>= 4.1.0-rc2-24027)
      System.Runtime.Extensions (>= 4.1.0-rc2-24027)
      System.Threading (>= 4.0.11-rc2-24027)
    System.Globalization (4.0.11-rc2-24027)
      System.Runtime (>= 4.1.0-rc2-24027)
    System.Globalization.Calendars (4.0.1-rc2-24027)
      System.Globalization (>= 4.0.11-rc2-24027)
      System.Runtime (>= 4.1.0-rc2-24027)
    System.IO (4.1.0-rc2-24027)
      System.Runtime (>= 4.1.0-rc2-24027)
      System.Text.Encoding (>= 4.0.11-rc2-24027)
      System.Threading.Tasks (>= 4.0.11-rc2-24027)
    System.IO.Compression (4.1.0-rc2-24027)
      runtime.native.System.IO.Compression (>= 4.1.0-rc2-24027)
      System.Collections (>= 4.0.11-rc2-24027)
      System.Diagnostics.Debug (>= 4.0.11-rc2-24027)
      System.IO (>= 4.1.0-rc2-24027)
      System.Resources.ResourceManager (>= 4.0.1-rc2-24027)
      System.Runtime (>= 4.1.0-rc2-24027)
      System.Runtime.Extensions (>= 4.1.0-rc2-24027)
      System.Runtime.Handles (>= 4.0.1-rc2-24027)
      System.Runtime.InteropServices (>= 4.1.0-rc2-24027)
      System.Text.Encoding (>= 4.0.11-rc2-24027)
      System.Threading (>= 4.0.11-rc2-24027)
      System.Threading.Tasks (>= 4.0.11-rc2-24027)
    System.IO.Compression.ZipFile (4.0.1-rc2-24027)
      System.Buffers (>= 4.0.0-rc2-24027)
      System.IO (>= 4.1.0-rc2-24027)
      System.IO.Compression (>= 4.1.0-rc2-24027)
      System.IO.FileSystem (>= 4.0.1-rc2-24027)
      System.IO.FileSystem.Primitives (>= 4.0.1-rc2-24027)
      System.Resources.ResourceManager (>= 4.0.1-rc2-24027)
      System.Runtime (>= 4.1.0-rc2-24027)
      System.Runtime.Extensions (>= 4.1.0-rc2-24027)
      System.Text.Encoding (>= 4.0.11-rc2-24027)
    System.IO.FileSystem (4.0.1-rc2-24027)
      System.IO (>= 4.1.0-rc2-24027)
      System.IO.FileSystem.Primitives (>= 4.0.1-rc2-24027)
      System.Runtime (>= 4.1.0-rc2-24027)
      System.Runtime.Handles (>= 4.0.1-rc2-24027)
      System.Text.Encoding (>= 4.0.11-rc2-24027)
      System.Threading.Tasks (>= 4.0.11-rc2-24027)
    System.IO.FileSystem.Primitives (4.0.1-rc2-24027)
      System.Runtime (>= 4.1.0-rc2-24027)
    System.IO.FileSystem.Watcher (4.0.0-rc2-24027)
      Microsoft.Win32.Primitives (>= 4.0.1-rc2-24027)
      runtime.native.System (>= 4.0.0-rc2-24027)
      System.Collections (>= 4.0.11-rc2-24027)
      System.IO.FileSystem (>= 4.0.1-rc2-24027)
      System.IO.FileSystem.Primitives (>= 4.0.1-rc2-24027)
      System.Resources.ResourceManager (>= 4.0.1-rc2-24027)
      System.Runtime (>= 4.1.0-rc2-24027)
      System.Runtime.Extensions (>= 4.1.0-rc2-24027)
      System.Runtime.Handles (>= 4.0.1-rc2-24027)
      System.Runtime.InteropServices (>= 4.1.0-rc2-24027)
      System.Text.Encoding (>= 4.0.11-rc2-24027)
      System.Threading (>= 4.0.11-rc2-24027)
      System.Threading.Overlapped (>= 4.0.1-rc2-24027)
      System.Threading.Tasks (>= 4.0.11-rc2-24027)
      System.Threading.Thread (>= 4.0.0-rc2-24027)
    System.Linq (4.1.0-rc2-24027)
      System.Collections (>= 4.0.11-rc2-24027)
      System.Diagnostics.Debug (>= 4.0.11-rc2-24027)
      System.Resources.ResourceManager (>= 4.0.1-rc2-24027)
      System.Runtime (>= 4.1.0-rc2-24027)
      System.Runtime.Extensions (>= 4.1.0-rc2-24027)
    System.Linq.Expressions (4.0.11-rc2-24027)
      System.Collections (>= 4.0.11-rc2-24027)
      System.Diagnostics.Debug (>= 4.0.11-rc2-24027)
      System.Globalization (>= 4.0.11-rc2-24027)
      System.IO (>= 4.1.0-rc2-24027)
      System.Linq (>= 4.1.0-rc2-24027)
      System.ObjectModel (>= 4.0.12-rc2-24027)
      System.Reflection (>= 4.1.0-rc2-24027)
      System.Reflection.Emit (>= 4.0.1-rc2-24027)
      System.Reflection.Emit.ILGeneration (>= 4.0.1-rc2-24027)
      System.Reflection.Emit.Lightweight (>= 4.0.1-rc2-24027)
      System.Reflection.Extensions (>= 4.0.1-rc2-24027)
      System.Reflection.Primitives (>= 4.0.1-rc2-24027)
      System.Reflection.TypeExtensions (>= 4.1.0-rc2-24027)
      System.Resources.ResourceManager (>= 4.0.1-rc2-24027)
      System.Runtime (>= 4.1.0-rc2-24027)
      System.Runtime.Extensions (>= 4.1.0-rc2-24027)
      System.Threading (>= 4.0.11-rc2-24027)
    System.Net.Http (4.0.1-rc2-24027)
      Microsoft.Win32.Primitives (>= 4.0.1-rc2-24027)
      runtime.native.System (>= 4.0.0-rc2-24027)
      runtime.native.System.Net.Http (>= 4.0.1-rc2-24027)
      runtime.native.System.Security.Cryptography (>= 4.0.0-rc2-24027)
      System.Collections (>= 4.0.11-rc2-24027)
      System.Diagnostics.Debug (>= 4.0.11-rc2-24027)
      System.Diagnostics.DiagnosticSource (>= 4.0.0-rc2-24027)
      System.Diagnostics.Tracing (>= 4.1.0-rc2-24027)
      System.Globalization (>= 4.0.11-rc2-24027)
      System.IO (>= 4.1.0-rc2-24027)
      System.IO.Compression (>= 4.1.0-rc2-24027)
      System.IO.FileSystem (>= 4.0.1-rc2-24027)
      System.Net.Primitives (>= 4.0.11-rc2-24027)
      System.Resources.ResourceManager (>= 4.0.1-rc2-24027)
      System.Runtime (>= 4.1.0-rc2-24027)
      System.Runtime.Extensions (>= 4.1.0-rc2-24027)
      System.Runtime.Handles (>= 4.0.1-rc2-24027)
      System.Runtime.InteropServices (>= 4.1.0-rc2-24027)
      System.Security.Cryptography.Algorithms (>= 4.1.0-rc2-24027)
      System.Security.Cryptography.Encoding (>= 4.0.0-rc2-24027)
      System.Security.Cryptography.OpenSsl (>= 4.0.0-rc2-24027)
      System.Security.Cryptography.Primitives (>= 4.0.0-rc2-24027)
      System.Security.Cryptography.X509Certificates (>= 4.1.0-rc2-24027)
      System.Text.Encoding (>= 4.0.11-rc2-24027)
      System.Threading (>= 4.0.11-rc2-24027)
      System.Threading.Tasks (>= 4.0.11-rc2-24027)
    System.Net.Primitives (4.0.11-rc2-24027)
      System.Runtime (>= 4.1.0-rc2-24027)
      System.Runtime.Handles (>= 4.0.1-rc2-24027)
    System.Net.Sockets (4.1.0-rc2-24027)
      System.IO (>= 4.1.0-rc2-24027)
      System.Net.Primitives (>= 4.0.11-rc2-24027)
      System.Runtime (>= 4.1.0-rc2-24027)
      System.Threading.Tasks (>= 4.0.11-rc2-24027)
    System.ObjectModel (4.0.12-rc2-24027)
      System.Collections (>= 4.0.11-rc2-24027)
      System.Diagnostics.Debug (>= 4.0.11-rc2-24027)
      System.Resources.ResourceManager (>= 4.0.1-rc2-24027)
      System.Runtime (>= 4.1.0-rc2-24027)
      System.Threading (>= 4.0.11-rc2-24027)
    System.Reflection (4.1.0-rc2-24027)
      System.IO (>= 4.1.0-rc2-24027)
      System.Reflection.Primitives (>= 4.0.1-rc2-24027)
      System.Runtime (>= 4.1.0-rc2-24027)
    System.Reflection.Emit (4.0.1-rc2-24027)
      System.IO (>= 4.1.0-rc2-24027)
      System.Reflection (>= 4.1.0-rc2-24027)
      System.Reflection.Emit.ILGeneration (>= 4.0.1-rc2-24027)
      System.Reflection.Primitives (>= 4.0.1-rc2-24027)
      System.Runtime (>= 4.1.0-rc2-24027)
    System.Reflection.Emit.ILGeneration (4.0.1-rc2-24027)
      System.Reflection (>= 4.1.0-rc2-24027)
      System.Reflection.Primitives (>= 4.0.1-rc2-24027)
      System.Runtime (>= 4.1.0-rc2-24027)
    System.Reflection.Emit.Lightweight (4.0.1-rc2-24027)
      System.Reflection (>= 4.1.0-rc2-24027)
      System.Reflection.Emit.ILGeneration (>= 4.0.1-rc2-24027)
      System.Reflection.Primitives (>= 4.0.1-rc2-24027)
      System.Runtime (>= 4.1.0-rc2-24027)
    System.Reflection.Extensions (4.0.1-rc2-24027)
      System.Reflection (>= 4.1.0-rc2-24027)
      System.Runtime (>= 4.1.0-rc2-24027)
    System.Reflection.Primitives (4.0.1-rc2-24027)
      System.Runtime (>= 4.1.0-rc2-24027)
    System.Reflection.TypeExtensions (4.1.0-rc2-24027)
      System.Reflection (>= 4.1.0-rc2-24027)
      System.Runtime (>= 4.1.0-rc2-24027)
    System.Resources.ResourceManager (4.0.1-rc2-24027)
      System.Globalization (>= 4.0.11-rc2-24027)
      System.Reflection (>= 4.1.0-rc2-24027)
      System.Runtime (>= 4.1.0-rc2-24027)
    System.Runtime (4.1.0-rc2-24027)
    System.Runtime.Extensions (4.1.0-rc2-24027)
      System.Runtime (>= 4.1.0-rc2-24027)
    System.Runtime.Handles (4.0.1-rc2-24027)
      System.Runtime (>= 4.1.0-rc2-24027)
    System.Runtime.InteropServices (4.1.0-rc2-24027)
      System.Reflection (>= 4.1.0-rc2-24027)
      System.Reflection.Primitives (>= 4.0.1-rc2-24027)
      System.Runtime (>= 4.1.0-rc2-24027)
      System.Runtime.Handles (>= 4.0.1-rc2-24027)
      System.Runtime.InteropServices.PInvoke (>= 4.0.0-rc2-24027)
    System.Runtime.InteropServices.PInvoke (4.0.0-rc2-24027)
      System.Runtime (>= 4.1.0-rc2-24027)
      System.Runtime.Handles (>= 4.0.1-rc2-24027)
    System.Runtime.InteropServices.RuntimeInformation (4.0.0-rc2-24027)
      System.Runtime (>= 4.1.0-rc2-24027)
    System.Runtime.Numerics (4.0.1-rc2-24027)
      System.Globalization (>= 4.0.11-rc2-24027)
      System.Resources.ResourceManager (>= 4.0.1-rc2-24027)
      System.Runtime (>= 4.1.0-rc2-24027)
      System.Runtime.Extensions (>= 4.1.0-rc2-24027)
    System.Security.Cryptography.Algorithms (4.1.0-rc2-24027)
      System.IO (>= 4.1.0-rc2-24027)
      System.Resources.ResourceManager (>= 4.0.1-rc2-24027)
      System.Runtime (>= 4.1.0-rc2-24027)
      System.Runtime.Extensions (>= 4.1.0-rc2-24027)
      System.Runtime.Handles (>= 4.0.1-rc2-24027)
      System.Runtime.InteropServices (>= 4.1.0-rc2-24027)
      System.Security.Cryptography.Primitives (>= 4.0.0-rc2-24027)
      System.Text.Encoding (>= 4.0.11-rc2-24027)
    System.Security.Cryptography.Cng (4.1.0-rc2-24027)
      System.IO (>= 4.1.0-rc2-24027)
      System.Resources.ResourceManager (>= 4.0.1-rc2-24027)
      System.Runtime (>= 4.1.0-rc2-24027)
      System.Runtime.Extensions (>= 4.1.0-rc2-24027)
      System.Runtime.Handles (>= 4.0.1-rc2-24027)
      System.Runtime.InteropServices (>= 4.1.0-rc2-24027)
      System.Security.Cryptography.Algorithms (>= 4.1.0-rc2-24027)
      System.Security.Cryptography.Primitives (>= 4.0.0-rc2-24027)
      System.Text.Encoding (>= 4.0.11-rc2-24027)
    System.Security.Cryptography.Csp (4.0.0-rc2-24027)
      System.IO (>= 4.1.0-rc2-24027)
      System.Reflection (>= 4.1.0-rc2-24027)
      System.Resources.ResourceManager (>= 4.0.1-rc2-24027)
      System.Runtime (>= 4.1.0-rc2-24027)
      System.Runtime.Extensions (>= 4.1.0-rc2-24027)
      System.Runtime.Handles (>= 4.0.1-rc2-24027)
      System.Runtime.InteropServices (>= 4.1.0-rc2-24027)
      System.Security.Cryptography.Algorithms (>= 4.1.0-rc2-24027)
      System.Security.Cryptography.Encoding (>= 4.0.0-rc2-24027)
      System.Security.Cryptography.Primitives (>= 4.0.0-rc2-24027)
      System.Text.Encoding (>= 4.0.11-rc2-24027)
      System.Threading (>= 4.0.11-rc2-24027)
    System.Security.Cryptography.Encoding (4.0.0-rc2-24027)
      runtime.native.System.Security.Cryptography (>= 4.0.0-rc2-24027)
      System.Collections (>= 4.0.11-rc2-24027)
      System.Collections.Concurrent (>= 4.0.12-rc2-24027)
      System.Diagnostics.Debug (>= 4.0.11-rc2-24027)
      System.Linq (>= 4.1.0-rc2-24027)
      System.Resources.ResourceManager (>= 4.0.1-rc2-24027)
      System.Runtime (>= 4.1.0-rc2-24027)
      System.Runtime.Extensions (>= 4.1.0-rc2-24027)
      System.Runtime.Handles (>= 4.0.1-rc2-24027)
      System.Runtime.InteropServices (>= 4.1.0-rc2-24027)
      System.Security.Cryptography.Primitives (>= 4.0.0-rc2-24027)
      System.Text.Encoding (>= 4.0.11-rc2-24027)
    System.Security.Cryptography.OpenSsl (4.0.0-rc2-24027)
      runtime.native.System.Security.Cryptography (>= 4.0.0-rc2-24027)
      System.Collections (>= 4.0.11-rc2-24027)
      System.IO (>= 4.1.0-rc2-24027)
      System.Resources.ResourceManager (>= 4.0.1-rc2-24027)
      System.Runtime (>= 4.1.0-rc2-24027)
      System.Runtime.Extensions (>= 4.1.0-rc2-24027)
      System.Runtime.Handles (>= 4.0.1-rc2-24027)
      System.Runtime.InteropServices (>= 4.1.0-rc2-24027)
      System.Runtime.Numerics (>= 4.0.1-rc2-24027)
      System.Security.Cryptography.Algorithms (>= 4.1.0-rc2-24027)
      System.Security.Cryptography.Encoding (>= 4.0.0-rc2-24027)
      System.Security.Cryptography.Primitives (>= 4.0.0-rc2-24027)
      System.Text.Encoding (>= 4.0.11-rc2-24027)
    System.Security.Cryptography.Primitives (4.0.0-rc2-24027)
      System.Diagnostics.Debug (>= 4.0.11-rc2-24027)
      System.Globalization (>= 4.0.11-rc2-24027)
      System.IO (>= 4.1.0-rc2-24027)
      System.Resources.ResourceManager (>= 4.0.1-rc2-24027)
      System.Runtime (>= 4.1.0-rc2-24027)
      System.Threading (>= 4.0.11-rc2-24027)
      System.Threading.Tasks (>= 4.0.11-rc2-24027)
    System.Security.Cryptography.X509Certificates (4.1.0-rc2-24027)
      runtime.native.System (>= 4.0.0-rc2-24027)
      runtime.native.System.Net.Http (>= 4.0.1-rc2-24027)
      runtime.native.System.Security.Cryptography (>= 4.0.0-rc2-24027)
      System.Collections (>= 4.0.11-rc2-24027)
      System.Diagnostics.Debug (>= 4.0.11-rc2-24027)
      System.Globalization (>= 4.0.11-rc2-24027)
      System.Globalization.Calendars (>= 4.0.1-rc2-24027)
      System.IO (>= 4.1.0-rc2-24027)
      System.IO.FileSystem (>= 4.0.1-rc2-24027)
      System.IO.FileSystem.Primitives (>= 4.0.1-rc2-24027)
      System.IO.FileSystem.Watcher (>= 4.0.0-rc2-24027)
      System.Resources.ResourceManager (>= 4.0.1-rc2-24027)
      System.Runtime (>= 4.1.0-rc2-24027)
      System.Runtime.Extensions (>= 4.1.0-rc2-24027)
      System.Runtime.Handles (>= 4.0.1-rc2-24027)
      System.Runtime.InteropServices (>= 4.1.0-rc2-24027)
      System.Runtime.Numerics (>= 4.0.1-rc2-24027)
      System.Security.Cryptography.Algorithms (>= 4.1.0-rc2-24027)
      System.Security.Cryptography.Cng (>= 4.1.0-rc2-24027)
      System.Security.Cryptography.Csp (>= 4.0.0-rc2-24027)
      System.Security.Cryptography.Encoding (>= 4.0.0-rc2-24027)
      System.Security.Cryptography.OpenSsl (>= 4.0.0-rc2-24027)
      System.Security.Cryptography.Primitives (>= 4.0.0-rc2-24027)
      System.Text.Encoding (>= 4.0.11-rc2-24027)
      System.Threading (>= 4.0.11-rc2-24027)
    System.Text.Encoding (4.0.11-rc2-24027)
      System.Runtime (>= 4.1.0-rc2-24027)
    System.Text.Encoding.Extensions (4.0.11-rc2-24027)
      System.Runtime (>= 4.1.0-rc2-24027)
      System.Text.Encoding (>= 4.0.11-rc2-24027)
    System.Text.RegularExpressions (4.0.12-rc2-24027)
      System.Collections (>= 4.0.11-rc2-24027)
      System.Globalization (>= 4.0.11-rc2-24027)
      System.Resources.ResourceManager (>= 4.0.1-rc2-24027)
      System.Runtime (>= 4.1.0-rc2-24027)
      System.Runtime.Extensions (>= 4.1.0-rc2-24027)
      System.Threading (>= 4.0.11-rc2-24027)
    System.Threading (4.0.11-rc2-24027)
      System.Runtime (>= 4.1.0-rc2-24027)
      System.Threading.Tasks (>= 4.0.11-rc2-24027)
    System.Threading.Overlapped (4.0.1-rc2-24027)
      System.Resources.ResourceManager (>= 4.0.1-rc2-24027)
      System.Runtime (>= 4.1.0-rc2-24027)
      System.Runtime.Handles (>= 4.0.1-rc2-24027)
    System.Threading.Tasks (4.0.11-rc2-24027)
      System.Runtime (>= 4.1.0-rc2-24027)
    System.Threading.Tasks.Extensions (4.0.0-rc2-24027)
      System.Collections (>= 4.0.11-rc2-24027)
      System.Runtime (>= 4.1.0-rc2-24027)
      System.Threading.Tasks (>= 4.0.11-rc2-24027)
    System.Threading.Thread (4.0.0-rc2-24027)
      System.Runtime (>= 4.1.0-rc2-24027)
    System.Threading.Timer (4.0.1-rc2-24027)
      System.Runtime (>= 4.1.0-rc2-24027)
    System.Xml.ReaderWriter (4.0.11-rc2-24027)
      System.Collections (>= 4.0.11-rc2-24027)
      System.Diagnostics.Debug (>= 4.0.11-rc2-24027)
      System.Globalization (>= 4.0.11-rc2-24027)
      System.IO (>= 4.1.0-rc2-24027)
      System.IO.FileSystem (>= 4.0.1-rc2-24027)
      System.IO.FileSystem.Primitives (>= 4.0.1-rc2-24027)
      System.Resources.ResourceManager (>= 4.0.1-rc2-24027)
      System.Runtime (>= 4.1.0-rc2-24027)
      System.Runtime.Extensions (>= 4.1.0-rc2-24027)
      System.Runtime.InteropServices (>= 4.1.0-rc2-24027)
      System.Text.Encoding (>= 4.0.11-rc2-24027)
      System.Text.Encoding.Extensions (>= 4.0.11-rc2-24027)
      System.Text.RegularExpressions (>= 4.0.12-rc2-24027)
      System.Threading.Tasks (>= 4.0.11-rc2-24027)
      System.Threading.Tasks.Extensions (>= 4.0.0-rc2-24027)
    System.Xml.XDocument (4.0.11-rc2-24027)
      System.Collections (>= 4.0.11-rc2-24027)
      System.Diagnostics.Debug (>= 4.0.11-rc2-24027)
      System.Diagnostics.Tools (>= 4.0.1-rc2-24027)
      System.Globalization (>= 4.0.11-rc2-24027)
      System.IO (>= 4.1.0-rc2-24027)
      System.Reflection (>= 4.1.0-rc2-24027)
      System.Resources.ResourceManager (>= 4.0.1-rc2-24027)
      System.Runtime (>= 4.1.0-rc2-24027)
      System.Runtime.Extensions (>= 4.1.0-rc2-24027)
      System.Text.Encoding (>= 4.0.11-rc2-24027)
      System.Threading (>= 4.0.11-rc2-24027)
      System.Xml.ReaderWriter (>= 4.0.11-rc2-24027)
    VDS.Common (1.6.0)
  remote: https://www.myget.org/F/jsonld/api/v2
  specs:
    JsonLD (1.0.5)
      NETStandard.Library (>= 1.5.0-rc2-24027)
      Newtonsoft.Json (>= 6.0.4)
      System.Dynamic.Runtime (>= 4.0.11-rc2-24027)
      System.Security.Cryptography.Algorithms (>= 4.1.0-rc2-24027)
      System.Text.RegularExpressions (>= 4.0.12-rc2-24027)
HTTP
  remote: http://www.w3.org
  specs:
    TESTS.zip (/2013/N-QuadsTests/TESTS.zip)