NUGET
  remote: https://nuget.org/api/v2
  specs:
    Costura.Fody (1.3.3)
      Fody (>= 1.26.1)
    dotNetRDF (1.0.6.3421)
      HtmlAgilityPack (>= 1.4.6)
      Newtonsoft.Json (>= 6.0.3)
      VDS.Common (1.3.0)
    FakeItEasy (1.25.1)
    Fody (1.26.2)
    gitlink (2.0.0)
    HtmlAgilityPack (1.4.6)
    ImpromptuInterface (6.2.2)
    InfoOf.Fody (0.11.2)
      Fody 
    json-ld.net (1.0.3)
      Newtonsoft.Json (>= 4.0.1)
    MethodTimer.Fody (1.15.2)
      Fody 
    Newtonsoft.Json (6.0.6)
    NullGuard.Fody (1.2.0)
      Fody 
    NUnit (2.6.3)
    SpecFlow (1.9.0)
    StyleCop.MSBuild (4.7.49)
    StyleCopPlus.MSBuild (4.7.49.5)
      StyleCop.MSBuild (>= 4.7.49.0)
    VDS.Common (1.3.0)
    Zoltu.Versioning (1.1.29)
GITHUB
  remote: tpluscode/FileVersionExtractor
  specs:
    FULLPROJECT (b1126aa31f362d0cd1e19e7abe1acd30da35ab6a)